GEM
  remote: https://rubygems.org/
  specs:
    actioncable (5.0.1)
      actionpack (= 5.0.1)
      nio4r (~> 1.2)
      websocket-driver (~> 0.6.1)
    actionmailer (5.0.1)
      actionpack (= 5.0.1)
      actionview (= 5.0.1)
      activejob (= 5.0.1)
      mail (~> 2.5, >= 2.5.4)
      rails-dom-testing (~> 2.0)
    actionpack (5.0.1)
      actionview (= 5.0.1)
      activesupport (= 5.0.1)
      rack (~> 2.0)
      rack-test (~> 0.6.3)
      rails-dom-testing (~> 2.0)
      rails-html-sanitizer (~> 1.0, >= 1.0.2)
    actionview (5.0.1)
      activesupport (= 5.0.1)
      builder (~> 3.1)
      erubis (~> 2.7.0)
      rails-dom-testing (~> 2.0)
      rails-html-sanitizer (~> 1.0, >= 1.0.2)
    activejob (5.0.1)
      activesupport (= 5.0.1)
      globalid (>= 0.3.6)
    activemodel (5.0.1)
      activesupport (= 5.0.1)
    activerecord (5.0.1)
      activemodel (= 5.0.1)
      activesupport (= 5.0.1)
      arel (~> 7.0)
    activesupport (5.0.1)
      concurrent-ruby (~> 1.0, >= 1.0.2)
      i18n (~> 0.7)
      minitest (~> 5.1)
      tzinfo (~> 1.1)
    arel (7.1.4)
    aws-partitions (1.2.0)
    aws-sdk (3.0.0.rc3)
      aws-sdk-acm (= 1.0.0.rc1)
      aws-sdk-apigateway (= 1.0.0.rc2)
      aws-sdk-applicationautoscaling (= 1.0.0.rc1)
      aws-sdk-applicationdiscoveryservice (= 1.0.0.rc1)
      aws-sdk-appstream (= 1.0.0.rc2)
      aws-sdk-autoscaling (= 1.0.0.rc1)
      aws-sdk-batch (= 1.0.0.rc1)
      aws-sdk-budgets (= 1.0.0.rc1)
      aws-sdk-cloudformation (= 1.0.0.rc1)
      aws-sdk-cloudfront (= 1.0.0.rc2)
      aws-sdk-cloudhsm (= 1.0.0.rc1)
      aws-sdk-cloudsearch (= 1.0.0.rc1)
      aws-sdk-cloudsearchdomain (= 1.0.0.rc1)
      aws-sdk-cloudtrail (= 1.0.0.rc1)
      aws-sdk-cloudwatch (= 1.0.0.rc1)
      aws-sdk-cloudwatchevents (= 1.0.0.rc1)
      aws-sdk-cloudwatchlogs (= 1.0.0.rc1)
      aws-sdk-codebuild (= 1.0.0.rc2)
      aws-sdk-codecommit (= 1.0.0.rc1)
      aws-sdk-codedeploy (= 1.0.0.rc1)
      aws-sdk-codepipeline (= 1.0.0.rc2)
      aws-sdk-cognitoidentity (= 1.0.0.rc1)
      aws-sdk-cognitoidentityprovider (= 1.0.0.rc1)
      aws-sdk-cognitosync (= 1.0.0.rc1)
      aws-sdk-configservice (= 1.0.0.rc2)
      aws-sdk-databasemigrationservice (= 1.0.0.rc1)
      aws-sdk-datapipeline (= 1.0.0.rc1)
      aws-sdk-devicefarm (= 1.0.0.rc1)
      aws-sdk-directconnect (= 1.0.0.rc2)
      aws-sdk-directoryservice (= 1.0.0.rc1)
      aws-sdk-dynamodb (= 1.0.0.rc1)
      aws-sdk-dynamodbstreams (= 1.0.0.rc1)
      aws-sdk-ec2 (= 1.0.0.rc2)
      aws-sdk-ecr (= 1.0.0.rc1)
      aws-sdk-ecs (= 1.0.0.rc1)
      aws-sdk-efs (= 1.0.0.rc1)
      aws-sdk-elasticache (= 1.0.0.rc1)
      aws-sdk-elasticbeanstalk (= 1.0.0.rc2)
      aws-sdk-elasticloadbalancing (= 1.0.0.rc1)
      aws-sdk-elasticloadbalancingv2 (= 1.0.0.rc1)
      aws-sdk-elasticsearchservice (= 1.0.0.rc1)
      aws-sdk-elastictranscoder (= 1.0.0.rc1)
      aws-sdk-emr (= 1.0.0.rc1)
      aws-sdk-firehose (= 1.0.0.rc1)
      aws-sdk-gamelift (= 1.0.0.rc1)
      aws-sdk-glacier (= 1.0.0.rc1)
      aws-sdk-health (= 1.0.0.rc2)
      aws-sdk-iam (= 1.0.0.rc1)
      aws-sdk-importexport (= 1.0.0.rc1)
      aws-sdk-inspector (= 1.0.0.rc1)
      aws-sdk-iot (= 1.0.0.rc1)
      aws-sdk-iotdataplane (= 1.0.0.rc1)
      aws-sdk-kinesis (= 1.0.0.rc1)
      aws-sdk-kinesisanalytics (= 1.0.0.rc1)
      aws-sdk-kms (= 1.0.0.rc1)
      aws-sdk-lambda (= 1.0.0.rc2)
      aws-sdk-lambdapreview (= 1.0.0.rc1)
      aws-sdk-lightsail (= 1.0.0.rc2)
      aws-sdk-machinelearning (= 1.0.0.rc1)
      aws-sdk-marketplacecommerceanalytics (= 1.0.0.rc1)
      aws-sdk-marketplacemetering (= 1.0.0.rc1)
      aws-sdk-opsworks (= 1.0.0.rc1)
      aws-sdk-opsworkscm (= 1.0.0.rc2)
      aws-sdk-pinpoint (= 1.0.0.rc2)
      aws-sdk-polly (= 1.0.0.rc2)
      aws-sdk-rds (= 1.0.0.rc2)
      aws-sdk-redshift (= 1.0.0.rc1)
      aws-sdk-rekognition (= 1.0.0.rc2)
      aws-sdk-route53 (= 1.0.0.rc1)
      aws-sdk-route53domains (= 1.0.0.rc1)
      aws-sdk-s3 (= 1.0.0.rc2)
      aws-sdk-servicecatalog (= 1.0.0.rc1)
      aws-sdk-ses (= 1.0.0.rc1)
      aws-sdk-sfn (= 1.0.0.rc2)
      aws-sdk-shield (= 1.0.0.rc2)
      aws-sdk-simpledb (= 1.0.0.rc1)
      aws-sdk-sms (= 1.0.0.rc1)
      aws-sdk-snowball (= 1.0.0.rc2)
      aws-sdk-sns (= 1.0.0.rc1)
      aws-sdk-sqs (= 1.0.0.rc2)
      aws-sdk-ssm (= 1.0.0.rc2)
      aws-sdk-storagegateway (= 1.0.0.rc1)
      aws-sdk-support (= 1.0.0.rc1)
      aws-sdk-swf (= 1.0.0.rc1)
      aws-sdk-waf (= 1.0.0.rc2)
      aws-sdk-wafregional (= 1.0.0.rc2)
      aws-sdk-workspaces (= 1.0.0.rc1)
      aws-sdk-xray (= 1.0.0.rc2)
    aws-sdk-acm (1.0.0.rc1)
      aws-sdk-core (= 3.0.0.rc1)
      aws-sigv4 (~> 1.0)
    aws-sdk-apigateway (1.0.0.rc2)
      aws-sdk-core (= 3.0.0.rc1)
      aws-sigv4 (~> 1.0)
    aws-sdk-applicationautoscaling (1.0.0.rc1)
      aws-sdk-core (= 3.0.0.rc1)
      aws-sigv4 (~> 1.0)
    aws-sdk-applicationdiscoveryservice (1.0.0.rc1)
      aws-sdk-core (= 3.0.0.rc1)
      aws-sigv4 (~> 1.0)
    aws-sdk-appstream (1.0.0.rc2)
      aws-sdk-core (= 3.0.0.rc1)
      aws-sigv4 (~> 1.0)
    aws-sdk-autoscaling (1.0.0.rc1)
      aws-sdk-core (= 3.0.0.rc1)
      aws-sigv4 (~> 1.0)
    aws-sdk-batch (1.0.0.rc1)
      aws-sdk-core (= 3.0.0.rc1)
      aws-sigv4 (~> 1.0)
    aws-sdk-budgets (1.0.0.rc1)
      aws-sdk-core (= 3.0.0.rc1)
      aws-sigv4 (~> 1.0)
    aws-sdk-cloudformation (1.0.0.rc1)
      aws-sdk-core (= 3.0.0.rc1)
      aws-sigv4 (~> 1.0)
    aws-sdk-cloudfront (1.0.0.rc2)
      aws-sdk-core (= 3.0.0.rc1)
      aws-sigv4 (~> 1.0)
    aws-sdk-cloudhsm (1.0.0.rc1)
      aws-sdk-core (= 3.0.0.rc1)
      aws-sigv4 (~> 1.0)
    aws-sdk-cloudsearch (1.0.0.rc1)
      aws-sdk-core (= 3.0.0.rc1)
      aws-sigv4 (~> 1.0)
    aws-sdk-cloudsearchdomain (1.0.0.rc1)
      aws-sdk-core (= 3.0.0.rc1)
      aws-sigv4 (~> 1.0)
    aws-sdk-cloudtrail (1.0.0.rc1)
      aws-sdk-core (= 3.0.0.rc1)
      aws-sigv4 (~> 1.0)
    aws-sdk-cloudwatch (1.0.0.rc1)
      aws-sdk-core (= 3.0.0.rc1)
      aws-sigv4 (~> 1.0)
    aws-sdk-cloudwatchevents (1.0.0.rc1)
      aws-sdk-core (= 3.0.0.rc1)
      aws-sigv4 (~> 1.0)
    aws-sdk-cloudwatchlogs (1.0.0.rc1)
      aws-sdk-core (= 3.0.0.rc1)
      aws-sigv4 (~> 1.0)
    aws-sdk-codebuild (1.0.0.rc2)
      aws-sdk-core (= 3.0.0.rc1)
      aws-sigv4 (~> 1.0)
    aws-sdk-codecommit (1.0.0.rc1)
      aws-sdk-core (= 3.0.0.rc1)
      aws-sigv4 (~> 1.0)
    aws-sdk-codedeploy (1.0.0.rc1)
      aws-sdk-core (= 3.0.0.rc1)
      aws-sigv4 (~> 1.0)
    aws-sdk-codepipeline (1.0.0.rc2)
      aws-sdk-core (= 3.0.0.rc1)
      aws-sigv4 (~> 1.0)
    aws-sdk-cognitoidentity (1.0.0.rc1)
      aws-sdk-core (= 3.0.0.rc1)
      aws-sigv4 (~> 1.0)
    aws-sdk-cognitoidentityprovider (1.0.0.rc1)
      aws-sdk-core (= 3.0.0.rc1)
      aws-sigv4 (~> 1.0)
    aws-sdk-cognitosync (1.0.0.rc1)
      aws-sdk-core (= 3.0.0.rc1)
      aws-sigv4 (~> 1.0)
    aws-sdk-configservice (1.0.0.rc2)
      aws-sdk-core (= 3.0.0.rc1)
      aws-sigv4 (~> 1.0)
    aws-sdk-core (3.0.0.rc1)
      aws-partitions (~> 1.0)
      aws-sigv4 (~> 1.0)
      jmespath (~> 1.0)
    aws-sdk-databasemigrationservice (1.0.0.rc1)
      aws-sdk-core (= 3.0.0.rc1)
      aws-sigv4 (~> 1.0)
    aws-sdk-datapipeline (1.0.0.rc1)
      aws-sdk-core (= 3.0.0.rc1)
      aws-sigv4 (~> 1.0)
    aws-sdk-devicefarm (1.0.0.rc1)
      aws-sdk-core (= 3.0.0.rc1)
      aws-sigv4 (~> 1.0)
    aws-sdk-directconnect (1.0.0.rc2)
      aws-sdk-core (= 3.0.0.rc1)
      aws-sigv4 (~> 1.0)
    aws-sdk-directoryservice (1.0.0.rc1)
      aws-sdk-core (= 3.0.0.rc1)
      aws-sigv4 (~> 1.0)
    aws-sdk-dynamodb (1.0.0.rc1)
      aws-sdk-core (= 3.0.0.rc1)
      aws-sigv4 (~> 1.0)
    aws-sdk-dynamodbstreams (1.0.0.rc1)
      aws-sdk-core (= 3.0.0.rc1)
      aws-sigv4 (~> 1.0)
    aws-sdk-ec2 (1.0.0.rc2)
      aws-sdk-core (= 3.0.0.rc1)
      aws-sigv4 (~> 1.0)
    aws-sdk-ecr (1.0.0.rc1)
      aws-sdk-core (= 3.0.0.rc1)
      aws-sigv4 (~> 1.0)
    aws-sdk-ecs (1.0.0.rc1)
      aws-sdk-core (= 3.0.0.rc1)
      aws-sigv4 (~> 1.0)
    aws-sdk-efs (1.0.0.rc1)
      aws-sdk-core (= 3.0.0.rc1)
      aws-sigv4 (~> 1.0)
    aws-sdk-elasticache (1.0.0.rc1)
      aws-sdk-core (= 3.0.0.rc1)
      aws-sigv4 (~> 1.0)
    aws-sdk-elasticbeanstalk (1.0.0.rc2)
      aws-sdk-core (= 3.0.0.rc1)
      aws-sigv4 (~> 1.0)
    aws-sdk-elasticloadbalancing (1.0.0.rc1)
      aws-sdk-core (= 3.0.0.rc1)
      aws-sigv4 (~> 1.0)
    aws-sdk-elasticloadbalancingv2 (1.0.0.rc1)
      aws-sdk-core (= 3.0.0.rc1)
      aws-sigv4 (~> 1.0)
    aws-sdk-elasticsearchservice (1.0.0.rc1)
      aws-sdk-core (= 3.0.0.rc1)
      aws-sigv4 (~> 1.0)
    aws-sdk-elastictranscoder (1.0.0.rc1)
      aws-sdk-core (= 3.0.0.rc1)
      aws-sigv4 (~> 1.0)
    aws-sdk-emr (1.0.0.rc1)
      aws-sdk-core (= 3.0.0.rc1)
      aws-sigv4 (~> 1.0)
    aws-sdk-firehose (1.0.0.rc1)
      aws-sdk-core (= 3.0.0.rc1)
      aws-sigv4 (~> 1.0)
    aws-sdk-gamelift (1.0.0.rc1)
      aws-sdk-core (= 3.0.0.rc1)
      aws-sigv4 (~> 1.0)
    aws-sdk-glacier (1.0.0.rc1)
      aws-sdk-core (= 3.0.0.rc1)
      aws-sigv4 (~> 1.0)
    aws-sdk-health (1.0.0.rc2)
      aws-sdk-core (= 3.0.0.rc1)
      aws-sigv4 (~> 1.0)
    aws-sdk-iam (1.0.0.rc1)
      aws-sdk-core (= 3.0.0.rc1)
      aws-sigv4 (~> 1.0)
    aws-sdk-importexport (1.0.0.rc1)
      aws-sdk-core (= 3.0.0.rc1)
      aws-sigv2 (~> 1.0)
    aws-sdk-inspector (1.0.0.rc1)
      aws-sdk-core (= 3.0.0.rc1)
      aws-sigv4 (~> 1.0)
    aws-sdk-iot (1.0.0.rc1)
      aws-sdk-core (= 3.0.0.rc1)
      aws-sigv4 (~> 1.0)
    aws-sdk-iotdataplane (1.0.0.rc1)
      aws-sdk-core (= 3.0.0.rc1)
      aws-sigv4 (~> 1.0)
    aws-sdk-kinesis (1.0.0.rc1)
      aws-sdk-core (= 3.0.0.rc1)
      aws-sigv4 (~> 1.0)
    aws-sdk-kinesisanalytics (1.0.0.rc1)
      aws-sdk-core (= 3.0.0.rc1)
      aws-sigv4 (~> 1.0)
    aws-sdk-kms (1.0.0.rc1)
      aws-sdk-core (= 3.0.0.rc1)
      aws-sigv4 (~> 1.0)
    aws-sdk-lambda (1.0.0.rc2)
      aws-sdk-core (= 3.0.0.rc1)
      aws-sigv4 (~> 1.0)
    aws-sdk-lambdapreview (1.0.0.rc1)
      aws-sdk-core (= 3.0.0.rc1)
      aws-sigv4 (~> 1.0)
    aws-sdk-lightsail (1.0.0.rc2)
      aws-sdk-core (= 3.0.0.rc1)
      aws-sigv4 (~> 1.0)
    aws-sdk-machinelearning (1.0.0.rc1)
      aws-sdk-core (= 3.0.0.rc1)
      aws-sigv4 (~> 1.0)
    aws-sdk-marketplacecommerceanalytics (1.0.0.rc1)
      aws-sdk-core (= 3.0.0.rc1)
      aws-sigv4 (~> 1.0)
    aws-sdk-marketplacemetering (1.0.0.rc1)
      aws-sdk-core (= 3.0.0.rc1)
      aws-sigv4 (~> 1.0)
    aws-sdk-opsworks (1.0.0.rc1)
      aws-sdk-core (= 3.0.0.rc1)
      aws-sigv4 (~> 1.0)
    aws-sdk-opsworkscm (1.0.0.rc2)
      aws-sdk-core (= 3.0.0.rc1)
      aws-sigv4 (~> 1.0)
    aws-sdk-pinpoint (1.0.0.rc2)
      aws-sdk-core (= 3.0.0.rc1)
      aws-sigv4 (~> 1.0)
    aws-sdk-polly (1.0.0.rc2)
      aws-sdk-core (= 3.0.0.rc1)
      aws-sigv4 (~> 1.0)
    aws-sdk-rds (1.0.0.rc2)
      aws-sdk-core (= 3.0.0.rc1)
      aws-sigv4 (~> 1.0)
    aws-sdk-redshift (1.0.0.rc1)
      aws-sdk-core (= 3.0.0.rc1)
      aws-sigv4 (~> 1.0)
    aws-sdk-rekognition (1.0.0.rc2)
      aws-sdk-core (= 3.0.0.rc1)
      aws-sigv4 (~> 1.0)
    aws-sdk-route53 (1.0.0.rc1)
      aws-sdk-core (= 3.0.0.rc1)
      aws-sigv4 (~> 1.0)
    aws-sdk-route53domains (1.0.0.rc1)
      aws-sdk-core (= 3.0.0.rc1)
      aws-sigv4 (~> 1.0)
    aws-sdk-s3 (1.0.0.rc2)
      aws-sdk-core (= 3.0.0.rc1)
      aws-sdk-kms (= 1.0.0.rc1)
      aws-sigv4 (~> 1.0)
    aws-sdk-servicecatalog (1.0.0.rc1)
      aws-sdk-core (= 3.0.0.rc1)
      aws-sigv4 (~> 1.0)
    aws-sdk-ses (1.0.0.rc1)
      aws-sdk-core (= 3.0.0.rc1)
      aws-sigv4 (~> 1.0)
    aws-sdk-sfn (1.0.0.rc2)
      aws-sdk-core (= 3.0.0.rc1)
      aws-sigv4 (~> 1.0)
    aws-sdk-shield (1.0.0.rc2)
      aws-sdk-core (= 3.0.0.rc1)
      aws-sigv4 (~> 1.0)
    aws-sdk-simpledb (1.0.0.rc1)
      aws-sdk-core (= 3.0.0.rc1)
      aws-sigv2 (~> 1.0)
    aws-sdk-sms (1.0.0.rc1)
      aws-sdk-core (= 3.0.0.rc1)
      aws-sigv4 (~> 1.0)
    aws-sdk-snowball (1.0.0.rc2)
      aws-sdk-core (= 3.0.0.rc1)
      aws-sigv4 (~> 1.0)
    aws-sdk-sns (1.0.0.rc1)
      aws-sdk-core (= 3.0.0.rc1)
      aws-sigv4 (~> 1.0)
    aws-sdk-sqs (1.0.0.rc2)
      aws-sdk-core (= 3.0.0.rc1)
      aws-sigv4 (~> 1.0)
    aws-sdk-ssm (1.0.0.rc2)
      aws-sdk-core (= 3.0.0.rc1)
      aws-sigv4 (~> 1.0)
    aws-sdk-storagegateway (1.0.0.rc1)
      aws-sdk-core (= 3.0.0.rc1)
      aws-sigv4 (~> 1.0)
    aws-sdk-support (1.0.0.rc1)
      aws-sdk-core (= 3.0.0.rc1)
      aws-sigv4 (~> 1.0)
    aws-sdk-swf (1.0.0.rc1)
      aws-sdk-core (= 3.0.0.rc1)
      aws-sigv4 (~> 1.0)
    aws-sdk-waf (1.0.0.rc2)
      aws-sdk-core (= 3.0.0.rc1)
      aws-sigv4 (~> 1.0)
    aws-sdk-wafregional (1.0.0.rc2)
      aws-sdk-core (= 3.0.0.rc1)
      aws-sigv4 (~> 1.0)
    aws-sdk-workspaces (1.0.0.rc1)
      aws-sdk-core (= 3.0.0.rc1)
      aws-sigv4 (~> 1.0)
    aws-sdk-xray (1.0.0.rc2)
      aws-sdk-core (= 3.0.0.rc1)
      aws-sigv4 (~> 1.0)
    aws-sigv2 (1.0.0)
    aws-sigv4 (1.0.0)
    builder (3.2.3)
    byebug (9.0.6)
    climate_control (0.1.0)
    cocaine (0.5.8)
      climate_control (>= 0.0.3, < 1.0)
    concurrent-ruby (1.0.4)
    diffy (3.1.0)
    erubis (2.7.0)
    ffi (1.9.17)
    globalid (0.3.7)
      activesupport (>= 4.1.0)
    i18n (0.8.0)
    jmespath (1.3.1)
    listen (3.0.8)
      rb-fsevent (~> 0.9, >= 0.9.4)
      rb-inotify (~> 0.9, >= 0.9.7)
    loofah (2.0.3)
      nokogiri (>= 1.5.9)
    mail (2.6.4)
      mime-types (>= 1.16, < 4)
    method_source (0.8.2)
    mime-types (3.1)
      mime-types-data (~> 3.2015)
    mime-types-data (3.2016.0521)
    mimemagic (0.3.2)
    mini_portile2 (2.1.0)
    minitest (5.10.1)
    multi_json (1.12.1)
    nio4r (1.2.1)
    nokogiri (1.7.0.1)
      mini_portile2 (~> 2.1.0)
    paperclip (5.1.0)
      activemodel (>= 4.2.0)
      activesupport (>= 4.2.0)
      cocaine (~> 0.5.5)
      mime-types
      mimemagic (~> 0.3.0)
    pg (0.19.0)
    puma (3.7.0)
    rack (2.0.1)
    rack-test (0.6.3)
      rack (>= 1.0)
    rails (5.0.1)
      actioncable (= 5.0.1)
      actionmailer (= 5.0.1)
      actionpack (= 5.0.1)
      actionview (= 5.0.1)
      activejob (= 5.0.1)
      activemodel (= 5.0.1)
      activerecord (= 5.0.1)
      activesupport (= 5.0.1)
      bundler (>= 1.3.0, < 2.0)
      railties (= 5.0.1)
      sprockets-rails (>= 2.0.0)
    rails-dom-testing (2.0.2)
      activesupport (>= 4.2.0, < 6.0)
      nokogiri (~> 1.6)
    rails-html-sanitizer (1.0.3)
      loofah (~> 2.0)
    railties (5.0.1)
      actionpack (= 5.0.1)
      activesupport (= 5.0.1)
      method_source
      rake (>= 0.8.7)
      thor (>= 0.18.1, < 2.0)
    rake (12.0.0)
    rb-fsevent (0.9.8)
    rb-inotify (0.9.8)
      ffi (>= 0.5.0)
    representable (2.3.0)
      uber (~> 0.0.7)
    responders (2.3.0)
      railties (>= 4.2.0, < 5.1)
    roar (1.0.4)
      representable (>= 2.0.1, < 2.4.0)
    roar-rails (1.0.1)
      actionpack
      railties (>= 3.0.0)
      responders
      roar (>= 1.0.0, <= 1.1.0)
      test_xml (>= 0.1.6)
      uber (>= 0.0.5)
    spring (2.0.1)
      activesupport (>= 4.2)
    spring-watcher-listen (2.0.1)
      listen (>= 2.7, < 4.0)
      spring (>= 1.2, < 3.0)
    sprockets (3.7.1)
      concurrent-ruby (~> 1.0)
      rack (> 1, < 3)
    sprockets-rails (3.2.0)
      actionpack (>= 4.0)
      activesupport (>= 4.0)
      sprockets (>= 3.0.0)
    test_xml (0.1.7)
      diffy (~> 3.0)
      nokogiri (>= 1.3.2)
    thor (0.19.4)
    thread_safe (0.3.5)
    tzinfo (1.2.2)
      thread_safe (~> 0.1)
    uber (0.0.15)
    websocket-driver (0.6.5)
      websocket-extensions (>= 0.1.0)
    websocket-extensions (0.1.2)

PLATFORMS
  ruby

DEPENDENCIES
  aws-sdk (= 3.0.0.rc3)
  byebug
  listen (~> 3.0.5)
  multi_json
  paperclip
  pg (~> 0.18)
  puma (~> 3.0)
  rails (~> 5.0.1)
  responders
  roar-rails
  spring
  spring-watcher-listen (~> 2.0.0)
  tzinfo-data

BUNDLED WITH
   1.13.7
